GEM
  remote: https://rubygems.org/
  specs:
    gosu (0.9.2)
    opengl (0.9.2)

PLATFORMS
  ruby

DEPENDENCIES
  gosu
  opengl

BUNDLED WITH
   1.10.6
